GEM
  remote: http://rubygems.org/
  specs:
    coderay (1.0.9)
    faraday (0.8.8)
      multipart-post (~> 1.2.0)
    gmail (0.4.0)
      gmail_xoauth (>= 0.3.0)
      mail (>= 2.2.1)
      mime (>= 0.1)
    gmail_xoauth (0.4.1)
      oauth (>= 0.3.6)
    mail (2.5.4)
      mime-types (~> 1.16)
      treetop (~> 1.4.8)
    method_source (0.8.2)
    mime (0.1)
    mime-types (1.25)
    multi_json (1.8.2)
    multipart-post (1.2.0)
    oauth (0.4.7)
    polyglot (0.3.3)
    pry (0.9.12.2)
      coderay (~> 1.0.5)
      method_source (~> 0.8)
      slop (~> 3.4)
    simple_oauth (0.2.0)
    slop (3.4.6)
    treetop (1.4.15)
      polyglot
      polyglot (>= 0.3.1)
    twitter (4.8.1)
      faraday (~> 0.8, < 0.10)
      multi_json (~> 1.0)
      simple_oauth (~> 0.2)

PLATFORMS
  ruby

DEPENDENCIES
  gmail
  pry
  twitter
